GENERATE-LOAD-SCRIPTS: ON
RESTRICTION: == net47
NUGET
  remote: https://www.nuget.org/api/v2
    Argu (5.1)
      FSharp.Core (>= 4.0.0.1)
    AsyncIO (0.1.69)
    Base58Check (0.2)
    BouncyCastle (1.8.4)
    FAKE (4.64.13)
    FParsec (1.0.3)
      FSharp.Core (>= 4.0.0.1)
    FsBech32 (0.1.0.7)
      FSharp.Compiler.Tools
      FSharp.Core
    FsCheck (3.0.0-alpha4)
      FSharp.Core (>= 4.0.0.1)
    FsCheck.NUnit (3.0.0-alpha4)
      FsCheck (3.0.0-alpha4)
      NUnit (>= 3.10.1 < 4.0)
    FSharp.Compatibility.OCaml (0.1.14)
      FSharp.Core (>= 4.3.4)
    FSharp.Compiler.Tools (10.2.1)
    FSharp.Configuration (1.5)
      FSharp.Core (>= 4.0.0.1)
    FSharp.Control.AsyncSeq (2.0.21)
      FSharp.Core (>= 3.1.2)
    FSharp.Control.Reactive (4.1)
      FSharp.Core (>= 4.2.3)
      System.Reactive (>= 4.0)
    FSharp.Core (4.3.4)
    FSharp.Data (3.0)
      FSharp.Core (>= 4.0.0.1)
    FSharpx.Async (1.13.2)
      FSharp.Control.AsyncSeq
      FSharp.Core
    FSharpx.Collections (1.17)
      FSharp.Core
    FSharpx.Extras (2.2.1)
      FSharpx.Async
      FSharpx.Collections
    FsNetMQ (0.2.8)
      FSharp.Core
      NetMQ (>= 4.0.0.175-pre)
    FsPickler (5.2)
      FSharp.Core (>= 3.1.2)
    FsUnit (3.4)
      FSharp.Core (>= 4.2.3)
      NUnit (>= 3.11 < 4.0)
    Hopac (0.3.23)
      FSharp.Core (>= 3.1.2.5)
    LightningDB (0.10)
    Logary (4.2.1)
      FParsec (>= 1.0.2)
      FSharp.Core (>= 4.0.0.1)
      Hopac (>= 0.3.23)
      NodaTime (>= 1.3.2)
    Microsoft.Extensions.Logging.Abstractions (2.1.1)
    NBitcoin (4.1.1.72)
      Microsoft.Extensions.Logging.Abstractions (>= 1.0.2)
      Newtonsoft.Json (>= 11.0.2)
      System.Buffers (>= 4.5)
      System.Net.Http (>= 4.3.3)
      System.Net.Requests (>= 4.3)
    NetMQ (4.0.0.207-pre)
      AsyncIO (>= 0.1.69)
    Newtonsoft.Json (12.0.1)
    NodaTime (1.3.2)
    NUnit (3.11)
    NUnit.ConsoleRunner (3.9)
    secp256k1-vc140 (0.1.0.16)
    SpecFlow (2.3.2)
      Newtonsoft.Json (>= 9.0.1)
      System.ValueTuple (>= 4.3)
    SpecFlow.NUnit (2.3.2)
      NUnit (>= 3.0)
      SpecFlow (2.3.2)
    System.Buffers (4.5)
    System.Collections.Immutable (1.5)
    System.IO (4.3)
    System.Net.Http (4.3.4)
      System.Security.Cryptography.X509Certificates (>= 4.3)
    System.Net.Requests (4.3)
    System.Reactive (4.1.2)
      System.Threading.Tasks.Extensions (>= 4.5.1)
      System.ValueTuple (>= 4.4)
    System.Reactive.Compatibility (4.1.2)
      System.Reactive.Core (>= 4.1.2)
      System.Reactive.Experimental (>= 4.1.2)
      System.Reactive.Interfaces (>= 4.1.2)
      System.Reactive.Linq (>= 4.1.2)
      System.Reactive.PlatformServices (>= 4.1.2)
      System.Reactive.Providers (>= 4.1.2)
      System.Reactive.Runtime.Remoting (>= 4.1.2)
      System.Reactive.Windows.Forms (>= 4.1.2)
      System.Reactive.Windows.Threading (>= 4.1.2)
    System.Reactive.Core (4.1.2)
      System.Reactive (>= 4.1.2)
      System.Threading.Tasks.Extensions (>= 4.5.1)
    System.Reactive.Experimental (4.1.2)
      System.Reactive (>= 4.1.2)
      System.Threading.Tasks.Extensions (>= 4.5.1)
    System.Reactive.Interfaces (4.1.2)
      System.Reactive (>= 4.1.2)
      System.Threading.Tasks.Extensions (>= 4.5.1)
    System.Reactive.Linq (4.1.2)
      System.Reactive (>= 4.1.2)
      System.Threading.Tasks.Extensions (>= 4.5.1)
    System.Reactive.PlatformServices (4.1.2)
      System.Reactive (>= 4.1.2)
      System.Threading.Tasks.Extensions (>= 4.5.1)
    System.Reactive.Providers (4.1.2)
      System.Reactive (>= 4.1.2)
      System.Threading.Tasks.Extensions (>= 4.5.1)
    System.Reactive.Runtime.Remoting (4.1.2)
      System.Reactive (>= 4.1.2)
      System.Threading.Tasks.Extensions (>= 4.5.1)
    System.Reactive.Windows.Forms (4.1.2)
      System.Reactive (>= 4.1.2)
      System.Threading.Tasks.Extensions (>= 4.5.1)
    System.Reactive.Windows.Threading (4.1.2)
      System.Reactive (>= 4.1.2)
      System.Threading.Tasks.Extensions (>= 4.5.1)
    System.Reflection.Metadata (1.6)
      System.Collections.Immutable (>= 1.5)
    System.Runtime (4.3)
    System.Runtime.CompilerServices.Unsafe (4.5.2)
    System.Security.Cryptography.Algorithms (4.3.1)
      System.IO (>= 4.3)
      System.Runtime (>= 4.3)
      System.Security.Cryptography.Encoding (>= 4.3)
      System.Security.Cryptography.Primitives (>= 4.3)
    System.Security.Cryptography.Encoding (4.3)
    System.Security.Cryptography.Primitives (4.3)
    System.Security.Cryptography.X509Certificates (4.3.2)
      System.Security.Cryptography.Algorithms (>= 4.3)
      System.Security.Cryptography.Encoding (>= 4.3)
    System.Threading.Tasks.Extensions (4.5.1)
      System.Runtime.CompilerServices.Unsafe (>= 4.5)
    System.ValueTuple (4.5)
    Zen.FSharp.Compiler.Service (17.0.2)
      System.Collections.Immutable (>= 1.3.1)
      System.Reflection.Metadata (>= 1.4.2)
    ZFS-Tools (0.0.24)
    ZFStar (0.0.26)
  remote: https://www.myget.org/F/zenprotocol/api/v2
    CGPContract (0.0.3)
    VotingContract (0.0.1)
    zen_secp256k1_linux (0.1.0.26-v6ad5cdb42a1a)
    zen_secp256k1_osx (0.1.0.26-v6ad5cdb42a1a)
    zen_z3_linux (4.5.1.8-v1f29cebd4df)
    zen_z3_osx (4.5.1.8-v1f29cebd4df6)
    zen_z3_windows (4.5.1.7-v1f29cebd4df)
    Zulib (0.3.37)
      BouncyCastle
      FAKE (>= 4.0 < 5.0)
      FsBech32 (>= 0.1.0.7)
      FsCheck
      FSharp.Compatibility.OCaml
      FSharpx.Collections
      NUnit
      Zen.FSharp.Compiler.Service (17.0.2)
      zen_z3_linux (4.5.1.8-v1f29cebd4df)
      zen_z3_osx (4.5.1.8-v1f29cebd4df6)
      zen_z3_windows (4.5.1.7-v1f29cebd4df)
      ZFStar (0.0.26)
